GEM
  remote: https://rubygems.org/
  specs:
    rubysdl (2.1.2)

PLATFORMS
  ruby

DEPENDENCIES
  rubysdl
